GEM
  remote: https://rubygems.org/
  specs:
    net-ssh (2.9.1)
    rack (1.5.2)

PLATFORMS
  ruby

DEPENDENCIES
  net-ssh
  rack
